GEM
  remote: https://rubygems.org/
  specs:
    activesupport (4.2.6)
      i18n (~> 0.7)
      json (~> 1.7, >= 1.7.7)
      minitest (~> 5.1)
      thread_safe (~> 0.3, >= 0.3.4)
      tzinfo (~> 1.1)
    addressable (2.4.0)
    autoparse (0.3.3)
      addressable (>= 2.3.1)
      extlib (>= 0.9.15)
      multi_json (>= 1.0.0)
    beefcake (1.1.0)
    digest-crc (0.4.1)
    extlib (0.9.16)
    faraday (0.9.2)
      multipart-post (>= 1.2, < 3)
    gcloud (0.6.2)
      beefcake (~> 1.0)
      digest-crc (~> 0.4)
      google-api-client (~> 0.8.3)
      mime-types (~> 2.4)
      zonefile (~> 1.04)
    google-api-client (0.8.6)
      activesupport (>= 3.2)
      addressable (~> 2.3)
      autoparse (~> 0.3)
      extlib (~> 0.9)
      faraday (~> 0.9)
      googleauth (~> 0.3)
      launchy (~> 2.4)
      multi_json (~> 1.10)
      retriable (~> 1.4)
      signet (~> 0.6)
    googleauth (0.5.1)
      faraday (~> 0.9)
      jwt (~> 1.4)
      logging (~> 2.0)
      memoist (~> 0.12)
      multi_json (~> 1.11)
      os (~> 0.9)
      signet (~> 0.7)
    haml (5.0.0)
      temple (>= 0.8.0)
      tilt
    i18n (0.7.0)
    json (1.8.3)
    jwt (1.5.4)
    launchy (2.4.3)
      addressable (~> 2.3)
    little-plugger (1.1.4)
    logging (2.1.0)
      little-plugger (~> 1.1)
      multi_json (~> 1.10)
    memoist (0.14.0)
    mime-types (2.99.1)
    minitest (5.8.4)
    multi_json (1.11.2)
    multipart-post (2.0.0)
    os (0.9.6)
    rack (1.6.4)
    rack-protection (1.5.3)
      rack
    retriable (1.4.1)
    signet (0.7.2)
      addressable (~> 2.3)
      faraday (~> 0.9)
      jwt (~> 1.5)
      multi_json (~> 1.10)
    sinatra (1.4.7)
      rack (~> 1.5)
      rack-protection (~> 1.4)
      tilt (>= 1.3, < 3)
    temple (0.8.2)
    thread_safe (0.3.5)
    tilt (2.0.10)
    tzinfo (1.2.2)
      thread_safe (~> 0.1)
    zonefile (1.04)

PLATFORMS
  ruby

DEPENDENCIES
  gcloud
  haml
  sinatra

BUNDLED WITH
   1.11.2
